PATH
  remote: .
  specs:
    aion-enigma (1.0.1)

GEM
  remote: https://rubygems.org/
  specs:
    minitest (5.14.4)
    rake (13.0.3)

PLATFORMS
  ruby

DEPENDENCIES
  aion-enigma!
  minitest (~> 5.14)
  rake (~> 13.0)

BUNDLED WITH
   1.17.3
