PATH
  remote: .
  specs:
    aion-enigma (1.0.0)

GEM
  remote: https://rubygems.org/
  specs:
    minitest (5.9.0)
    rake (11.2.2)

PLATFORMS
  ruby

DEPENDENCIES
  aion-enigma!
  minitest (~> 5.9)
  rake (~> 11.2)

BUNDLED WITH
   1.16.1
